PATH
  remote: .
  specs:
    hockeybrake (0.0.1)
      airbrake (>= 3.1.2)
      multipart-post (>= 1.1.5)

GEM
  remote: http://rubygems.org/
  specs:
    activesupport (3.2.8)
      i18n (~> 0.6)
      multi_json (~> 1.0)
    airbrake (3.1.2)
      activesupport
      builder
    builder (3.0.0)
    i18n (0.6.1)
    multi_json (1.3.6)
    multipart-post (1.1.5)

PLATFORMS
  ruby

DEPENDENCIES
  hockeybrake!
