PATH
  remote: .
  specs:
    hockeybrake (0.0.4)
      airbrake (>= 3.1.2)
      multipart-post (>= 1.1.5)

GEM
  remote: http://rubygems.org/
  specs:
    airbrake (3.1.6)
      builder
      girl_friday
    builder (3.0.4)
    connection_pool (0.9.2)
    girl_friday (0.11.1)
      connection_pool (~> 0.9.0)
      rubinius-actor
    multipart-post (1.1.5)
    rubinius-actor (0.0.2)
      rubinius-core-api
    rubinius-core-api (0.0.1)

PLATFORMS
  ruby

DEPENDENCIES
  hockeybrake!
